GEM
  remote: http://rubygems.org/
  specs:
    guard (1.4.0)
      listen (>= 0.4.2)
      thor (>= 0.14.6)
    guard-phpunit (0.1.4)
      guard (~> 1.1)
    listen (0.5.3)
    rb-fsevent (0.9.2)
    rb-readline (0.4.2)
    thor (0.16.0)

PLATFORMS
  ruby

DEPENDENCIES
  guard-phpunit
  rb-fsevent (~> 0.9.1)
  rb-readline
